GEM
  remote: https://rubygems.org/
  specs:
    bini (0.7.0)
      sys-proctable
    capistrano (3.4.0)
      i18n
      rake (>= 10.0.0)
      sshkit (~> 1.3)
    capistrano-bundler (1.1.4)
      capistrano (~> 3.1)
      sshkit (~> 1.2)
    capistrano-git-submodule-strategy (0.1.18)
      capistrano (~> 3.1)
    httparty (0.11.0)
      multi_json (~> 1.0)
      multi_xml (>= 0.5.2)
    i18n (0.7.0)
    multi_json (1.11.2)
    multi_xml (0.5.5)
    net-scp (1.2.1)
      net-ssh (>= 2.6.5)
    net-ssh (3.0.1)
    pushover (1.0.4)
      bini (= 0.7.0)
      httparty (= 0.11.0)
      yajl-ruby (= 1.1.0)
    rake (10.4.2)
    sshkit (1.8.1)
      net-scp (>= 1.1.2)
      net-ssh (>= 2.8.0)
    sys-proctable (0.9.9)
    yajl-ruby (1.1.0)

PLATFORMS
  ruby

DEPENDENCIES
  capistrano
  capistrano-bundler
  capistrano-git-submodule-strategy
  pushover

BUNDLED WITH
   1.10.6
